GEM
  remote: http://rubygems.org/
  specs:
    clamp (0.5.0)
    git (1.2.5)
    ya2yaml (0.31)

PLATFORMS
  ruby

DEPENDENCIES
  clamp (= 0.5.0)
  git (= 1.2.5)
  ya2yaml (= 0.31)
