GEM
  remote: http://rubygems.org/
  specs:
    clamp (0.5.0)
    git (1.2.5)
    highline (1.6.15)
    rainbow (1.1.4)

PLATFORMS
  ruby

DEPENDENCIES
  clamp (= 0.5.0)
  git (= 1.2.5)
  highline (= 1.6.15)
  rainbow (= 1.1.4)
